GEM
  remote: https://rubygems.org/
  specs:
    telegraph (1.0.1)

PLATFORMS
  ruby

DEPENDENCIES
  telegraph
