GEM
  remote: https://rubygems.org/
  specs:
    arduino_firmata (0.3.7)
      args_parser (>= 0.1.4)
      event_emitter (>= 0.2.4)
      serialport (>= 1.1.0)
    args_parser (0.2.0)
    dotenv (1.0.2)
    event_emitter (0.2.5)
    serialport (1.3.1)
    telegraph (1.0.1)

PLATFORMS
  ruby

DEPENDENCIES
  arduino_firmata
  dotenv
  telegraph
